GEM
  remote: http://rubygems.org/
  specs:
    activesupport (3.0.4)
    haml (3.0.25)
    i18n (0.5.0)
    mustache (0.12.0)
    rack (1.2.1)
    rack-flash (0.1.1)
      rack
    rack-test (0.5.7)
      rack (>= 1.0)
    shoulda (2.11.3)
    sinatra (1.1.2)
      rack (~> 1.1)
      tilt (~> 1.2)
    sinatra-cache (0.3.6)
      sinatra (>= 1.1.0)
      sinatra-outputbuffer (>= 0.1.0)
    sinatra-outputbuffer (0.1.0)
      sinatra (>= 1.0.a)
    tilt (1.2.2)

PLATFORMS
  ruby

DEPENDENCIES
  activesupport
  haml
  i18n
  mustache
  rack
  rack-flash
  rack-test
  shoulda
  sinatra
  sinatra-cache
