GEM
  remote: http://rubygems.org/
  specs:
    activesupport (3.0.4)
    haml (3.0.25)
    i18n (0.5.0)
    rack (1.2.1)
    rack-flash (0.1.1)
      rack
    shotgun (0.8)
      rack (>= 1.0)
    shoulda (2.11.3)
    sinatra (1.1.2)
      rack (~> 1.1)
      tilt (~> 1.2)
    tilt (1.2.2)

PLATFORMS
  ruby

DEPENDENCIES
  activesupport
  haml
  i18n
  rack
  rack-flash
  shotgun
  shoulda
  sinatra
